Brain Vision Data Exchange Header File Version 1.0
; Data created by FieldTrip

[Common Infos]
Codepage=UTF-8
DataFile=sub-01_ses-day2Exo1Sport_task-Default_eeg.eeg
MarkerFile=sub-01_ses-day2Exo1Sport_task-Default_eeg.vmrk
DataFormat=BINARY
DataOrientation=MULTIPLEXED
NumberOfChannels=67
SamplingInterval=2000.303091

[Binary Infos]
BinaryFormat=IEEE_FLOAT_32

[Channel Infos]
Ch1=LiveAmpSN-102108-1139_Fp1,,1,microvolts
Ch2=LiveAmpSN-102108-1139_Fz,,1,microvolts
Ch3=LiveAmpSN-102108-1139_F3,,1,microvolts
Ch4=LiveAmpSN-102108-1139_F7,,1,microvolts
Ch5=LiveAmpSN-102108-1139_FT9,,1,microvolts
Ch6=LiveAmpSN-102108-1139_FC5,,1,microvolts
Ch7=LiveAmpSN-102108-1139_FC1,,1,microvolts
Ch8=LiveAmpSN-102108-1139_C3,,1,microvolts
Ch9=LiveAmpSN-102108-1139_T7,,1,microvolts
Ch10=LiveAmpSN-102108-1139_TP9,,1,microvolts
Ch11=LiveAmpSN-102108-1139_CP5,,1,microvolts
Ch12=LiveAmpSN-102108-1139_CP1,,1,microvolts
Ch13=LiveAmpSN-102108-1139_Pz,,1,microvolts
Ch14=LiveAmpSN-102108-1139_P3,,1,microvolts
Ch15=LiveAmpSN-102108-1139_P7,,1,microvolts
Ch16=LiveAmpSN-102108-1139_O1,,1,microvolts
Ch17=LiveAmpSN-102108-1139_Oz,,1,microvolts
Ch18=LiveAmpSN-102108-1139_O2,,1,microvolts
Ch19=LiveAmpSN-102108-1139_P4,,1,microvolts
Ch20=LiveAmpSN-102108-1139_P8,,1,microvolts
Ch21=LiveAmpSN-102108-1139_TP10,,1,microvolts
Ch22=LiveAmpSN-102108-1139_CP6,,1,microvolts
Ch23=LiveAmpSN-102108-1139_CP2,,1,microvolts
Ch24=LiveAmpSN-102108-1139_Cz,,1,microvolts
Ch25=LiveAmpSN-102108-1139_C4,,1,microvolts
Ch26=LiveAmpSN-102108-1139_T8,,1,microvolts
Ch27=LiveAmpSN-102108-1139_FT10,,1,microvolts
Ch28=LiveAmpSN-102108-1139_FC6,,1,microvolts
Ch29=LiveAmpSN-102108-1139_FC2,,1,microvolts
Ch30=LiveAmpSN-102108-1139_F4,,1,microvolts
Ch31=LiveAmpSN-102108-1139_F8,,1,microvolts
Ch32=LiveAmpSN-102108-1139_Fp2,,1,microvolts
Ch33=LiveAmpSN-102108-1139_AF7,,1,microvolts
Ch34=LiveAmpSN-102108-1139_AF3,,1,microvolts
Ch35=LiveAmpSN-102108-1139_AFz,,1,microvolts
Ch36=LiveAmpSN-102108-1139_F1,,1,microvolts
Ch37=LiveAmpSN-102108-1139_F5,,1,microvolts
Ch38=LiveAmpSN-102108-1139_FT7,,1,microvolts
Ch39=LiveAmpSN-102108-1139_FC3,,1,microvolts
Ch40=LiveAmpSN-102108-1139_C1,,1,microvolts
Ch41=LiveAmpSN-102108-1139_C5,,1,microvolts
Ch42=LiveAmpSN-102108-1139_TP7,,1,microvolts
Ch43=LiveAmpSN-102108-1139_CP3,,1,microvolts
Ch44=LiveAmpSN-102108-1139_P1,,1,microvolts
Ch45=LiveAmpSN-102108-1139_P5,,1,microvolts
Ch46=LiveAmpSN-102108-1139_PO7,,1,microvolts
Ch47=LiveAmpSN-102108-1139_PO3,,1,microvolts
Ch48=LiveAmpSN-102108-1139_POz,,1,microvolts
Ch49=LiveAmpSN-102108-1139_PO4,,1,microvolts
Ch50=LiveAmpSN-102108-1139_PO8,,1,microvolts
Ch51=LiveAmpSN-102108-1139_P6,,1,microvolts
Ch52=LiveAmpSN-102108-1139_P2,,1,microvolts
Ch53=LiveAmpSN-102108-1139_CPz,,1,microvolts
Ch54=LiveAmpSN-102108-1139_CP4,,1,microvolts
Ch55=LiveAmpSN-102108-1139_TP8,,1,microvolts
Ch56=LiveAmpSN-102108-1139_C6,,1,microvolts
Ch57=LiveAmpSN-102108-1139_C2,,1,microvolts
Ch58=LiveAmpSN-102108-1139_FC4,,1,microvolts
Ch59=LiveAmpSN-102108-1139_FT8,,1,microvolts
Ch60=LiveAmpSN-102108-1139_F6,,1,microvolts
Ch61=LiveAmpSN-102108-1139_AF8,,1,microvolts
Ch62=LiveAmpSN-102108-1139_AF4,,1,microvolts
Ch63=LiveAmpSN-102108-1139_F2,,1,microvolts
Ch64=LiveAmpSN-102108-1139_Iz,,1,microvolts
Ch65=LiveAmpSN-102108-1139_ACC_X,,1,milliGs
Ch66=LiveAmpSN-102108-1139_ACC_Y,,1,milliGs
Ch67=LiveAmpSN-102108-1139_ACC_Z,,1,milliGs
