{
	"EEGChannelCount":64,
	"EEGReference":"REF",
	"InstitutionAddress":"Darmstadt, Germany",
	"InstitutionName":"TU Darmstadt",
	"InstitutionalDepartmentName":"n/a",
	"PowerLineFrequency":"n/a",
	"RecordingDuration":306.0543741724359,
	"SamplingFrequency":500,
	"SoftwareFilters":"n/a",
	"TaskDescription":"EEG recording during exoskeleton walking task",
	"TaskName":"Default"
}
